GEM
  remote: https://rubygems.org/
  specs:
    addressable (2.8.0)
      public_suffix (>= 2.0.2, < 5.0)
    ast (2.4.1)
    builder (3.2.3)
    byebug (11.1.3)
    coderay (1.1.2)
    concurrent-ruby (1.1.7)
    crack (0.4.3)
      safe_yaml (~> 1.0.0)
    diff-lcs (1.3)
    et-orbi (1.2.4)
      tzinfo
    foreman (0.85.0)
      thor (~> 0.19.1)
    fugit (1.3.8)
      et-orbi (~> 1.1, >= 1.1.8)
      raabro (~> 1.3)
    hashdiff (1.0.0)
    httparty (0.17.0)
      mime-types (~> 3.0)
      multi_xml (>= 0.5.2)
    method_source (0.9.2)
    mime-types (3.3)
      mime-types-data (~> 3.2015)
    mime-types-data (3.2019.0904)
    multi_xml (0.6.0)
    mustermann (1.0.2)
    nio4r (2.5.8)
    parallel (1.19.2)
    parser (2.7.1.4)
      ast (~> 2.4.1)
    pry (0.12.2)
      coderay (~> 1.1.0)
      method_source (~> 0.9.0)
    pry-byebug (3.8.0)
      byebug (~> 11.0)
      pry (~> 0.10)
    public_suffix (4.0.6)
    puma (5.5.2)
      nio4r (~> 2.0)
    raabro (1.3.1)
    rack (2.2.3.1)
    rack-protection (2.0.3)
      rack
    rack-test (1.1.0)
      rack (>= 1.0, < 3)
    rainbow (3.0.0)
    regexp_parser (1.7.1)
    rexml (3.2.4)
    rspec (3.8.0)
      rspec-core (~> 3.8.0)
      rspec-expectations (~> 3.8.0)
      rspec-mocks (~> 3.8.0)
    rspec-core (3.8.2)
      rspec-support (~> 3.8.0)
    rspec-expectations (3.8.4)
      diff-lcs (>= 1.2.0, < 2.0)
      rspec-support (~> 3.8.0)
    rspec-mocks (3.8.1)
      diff-lcs (>= 1.2.0, < 2.0)
      rspec-support (~> 3.8.0)
    rspec-support (3.8.2)
    rubocop (0.90.0)
      parallel (~> 1.10)
      parser (>= 2.7.1.1)
      rainbow (>= 2.2.2, < 4.0)
      regexp_parser (>= 1.7)
      rexml
      rubocop-ast (>= 0.3.0, < 1.0)
      ruby-progressbar (~> 1.7)
      unicode-display_width (>= 1.4.0, < 2.0)
    rubocop-ast (0.3.0)
      parser (>= 2.7.1.4)
    ruby-progressbar (1.10.1)
    rufus-scheduler (3.6.0)
      fugit (~> 1.1, >= 1.1.6)
    safe_yaml (1.0.5)
    sinatra (2.0.3)
      mustermann (~> 1.0)
      rack (~> 2.0)
      rack-protection (= 2.0.3)
      tilt (~> 2.0)
    thor (0.19.4)
    tilt (2.0.8)
    tzinfo (2.0.2)
      concurrent-ruby (~> 1.0)
    tzinfo-data (1.2020.1)
      tzinfo (>= 1.0.0)
    unicode-display_width (1.7.0)
    webmock (3.6.2)
      addressable (>= 2.3.6)
      crack (>= 0.3.2)
      hashdiff (>= 0.4.0, < 2.0.0)

PLATFORMS
  ruby

DEPENDENCIES
  builder
  concurrent-ruby
  foreman
  httparty
  pry
  pry-byebug
  puma (= 5.5.2)
  rack-test
  rspec
  rubocop
  rufus-scheduler
  sinatra
  tzinfo-data (~> 1.2020)
  webmock

RUBY VERSION
   ruby 2.7.5p203

BUNDLED WITH
   2.1.4
