GIT
  remote: https://github.com/alown/feedtosis
  revision: d763f2cdae9d75a42f9b04b03bc28b71b57c4525
  specs:
    feedtosis (0.0.3.6)
      curb
      feed-normalizer
      http_headers
      moneta

GEM
  remote: https://rubygems.org/
  specs:
    airbrussh (1.3.0)
      sshkit (>= 1.6.1, != 1.7.0)
    builder (3.2.3)
    capistrano (3.11.0)
      airbrussh (>= 1.0.0)
      i18n
      rake (>= 10.0.0)
      sshkit (>= 1.9.0)
    concurrent-ruby (1.0.5)
    curb (0.9.6)
    feed-normalizer (1.5.2)
      hpricot (>= 0.6)
      simple-rss (>= 1.1)
    foreman (0.85.0)
      thor (~> 0.19.1)
    hiredis (0.6.1)
    hpricot (0.8.6)
    http_headers (0.0.2.3)
    i18n (1.0.1)
      concurrent-ruby (~> 1.0)
    moneta (1.0.0)
    msgpack (1.2.4)
    mustermann (1.0.2)
    net-scp (1.2.1)
      net-ssh (>= 2.6.5)
    net-ssh (5.0.2)
    puma (3.11.4)
    rack (2.0.5)
    rack-protection (2.0.3)
      rack
    rake (12.3.1)
    redis (4.0.1)
    simple-rss (1.3.3)
    sinatra (2.0.3)
      mustermann (~> 1.0)
      rack (~> 2.0)
      rack-protection (= 2.0.3)
      tilt (~> 2.0)
    sshkit (1.16.1)
      net-scp (>= 1.1.2)
      net-ssh (>= 2.8.0)
    thor (0.19.4)
    tilt (2.0.8)

PLATFORMS
  ruby

DEPENDENCIES
  builder
  capistrano
  feedtosis!
  foreman
  hiredis
  moneta
  msgpack
  puma
  redis
  sinatra

RUBY VERSION
   ruby 2.4.2p198

BUNDLED WITH
   1.16.1
